PATH
  remote: .
  specs:
    omniauth-krystal (1.2.0)
      json
      jwt
      omniauth (~> 2.0)
      omniauth-oauth2 (~> 1.7)

GEM
  remote: https://rubygems.org/
  specs:
    addressable (2.8.4)
      public_suffix (>= 2.0.2, < 6.0)
    ast (2.4.2)
    backport (1.2.0)
    benchmark (0.2.1)
    crack (0.4.5)
      rexml
    diff-lcs (1.5.0)
    e2mmap (0.1.0)
    faraday (2.7.5)
      faraday-net_http (>= 2.0, < 3.1)
      ruby2_keywords (>= 0.0.4)
    faraday-net_http (3.0.2)
    hashdiff (1.0.1)
    hashie (5.0.0)
    jaro_winkler (1.5.6)
    json (2.6.3)
    jwt (2.7.0)
    kramdown (2.4.0)
      rexml
    kramdown-parser-gfm (1.1.0)
      kramdown (~> 2.0)
    multi_xml (0.6.0)
    nokogiri (1.15.2-arm64-darwin)
      racc (~> 1.4)
    nokogiri (1.15.2-x86_64-linux)
      racc (~> 1.4)
    oauth2 (2.0.9)
      faraday (>= 0.17.3, < 3.0)
      jwt (>= 1.0, < 3.0)
      multi_xml (~> 0.5)
      rack (>= 1.2, < 4)
      snaky_hash (~> 2.0)
      version_gem (~> 1.1)
    omniauth (2.1.1)
      hashie (>= 3.4.6)
      rack (>= 2.2.3)
      rack-protection
    omniauth-oauth2 (1.8.0)
      oauth2 (>= 1.4, < 3)
      omniauth (~> 2.0)
    parallel (1.21.0)
    parser (3.1.0.0)
      ast (~> 2.4.1)
    public_suffix (5.0.1)
    racc (1.6.2)
    rack (3.0.7)
    rack-protection (3.0.6)
      rack
    rainbow (3.1.1)
    regexp_parser (2.2.0)
    reverse_markdown (2.1.1)
      nokogiri
    rexml (3.2.5)
    rspec (3.12.0)
      rspec-core (~> 3.12.0)
      rspec-expectations (~> 3.12.0)
      rspec-mocks (~> 3.12.0)
    rspec-core (3.12.2)
      rspec-support (~> 3.12.0)
    rspec-expectations (3.12.3)
      diff-lcs (>= 1.2.0, < 2.0)
      rspec-support (~> 3.12.0)
    rspec-mocks (3.12.5)
      diff-lcs (>= 1.2.0, < 2.0)
      rspec-support (~> 3.12.0)
    rspec-support (3.12.0)
    rubocop (1.24.1)
      parallel (~> 1.10)
      parser (>= 3.0.0.0)
      rainbow (>= 2.2.2, < 4.0)
      regexp_parser (>= 1.8, < 3.0)
      rexml
      rubocop-ast (>= 1.15.1, < 2.0)
      ruby-progressbar (~> 1.7)
      unicode-display_width (>= 1.4.0, < 3.0)
    rubocop-ast (1.15.1)
      parser (>= 3.0.1.1)
    rubocop-rspec (2.11.1)
      rubocop (~> 1.19)
    ruby-progressbar (1.11.0)
    ruby2_keywords (0.0.5)
    snaky_hash (2.0.1)
      hashie
      version_gem (~> 1.1, >= 1.1.1)
    solargraph (0.48.0)
      backport (~> 1.2)
      benchmark
      bundler (>= 1.17.2)
      diff-lcs (~> 1.4)
      e2mmap
      jaro_winkler (~> 1.5)
      kramdown (~> 2.3)
      kramdown-parser-gfm (~> 1.1)
      parser (~> 3.0)
      reverse_markdown (>= 1.0.5, < 3)
      rubocop (>= 0.52)
      thor (~> 1.0)
      tilt (~> 2.0)
      yard (~> 0.9, >= 0.9.24)
    thor (1.2.2)
    tilt (2.1.0)
    timecop (0.9.6)
    unicode-display_width (2.1.0)
    version_gem (1.1.2)
    webmock (3.18.1)
      addressable (>= 2.8.0)
      crack (>= 0.3.2)
      hashdiff (>= 0.4.0, < 2.0.0)
    yard (0.9.34)

PLATFORMS
  arm64-darwin-21
  arm64-darwin-22
  x86_64-linux

DEPENDENCIES
  omniauth-krystal!
  rspec
  rspec-mocks
  rubocop
  rubocop-rspec
  solargraph
  timecop
  webmock

BUNDLED WITH
   2.2.33
